GEM
  remote: https://rubygems.org/
  specs:
    colorize (0.8.1)
    json (2.2.0)
    minitest (5.12.2)
    minitest-hooks (1.5.0)
      minitest (> 5.3)

PLATFORMS
  ruby

DEPENDENCIES
  colorize
  json
  minitest
  minitest-hooks

RUBY VERSION
   ruby 2.6.3p62

BUNDLED WITH
   2.0.2
